GEM
  remote: https://rubygems.org/
  specs:
    cuba (3.1.1)
      rack
    cutest (1.2.1)
    daemons (1.1.9)
    eventmachine (1.0.3)
    rack (1.5.2)
    rack-test (0.6.2)
      rack (>= 1.0)
    rake (10.3.1)
    shotgun (0.9)
      rack (>= 1.0)
    thin (1.6.2)
      daemons (>= 1.0.9)
      eventmachine (>= 1.0.0)
      rack (>= 1.0.0)

PLATFORMS
  ruby

DEPENDENCIES
  cuba
  cutest
  rack-test
  rake
  shotgun
  thin
