GEM
  remote: https://rubygems.org/
  specs:
    cuba (3.1.1)
      rack
    cutest (1.2.1)
    rack (1.5.2)
    rack-test (0.6.2)
      rack (>= 1.0)
    rake (10.3.1)

PLATFORMS
  ruby

DEPENDENCIES
  cuba
  cutest
  rack-test
  rake
